PATH
  remote: .
  specs:
    mail_style (0.1.6)
      actionmailer (>= 1.2.3, < 3.0)
      css_parser (>= 1.0.0)
      nokogiri (>= 1.0.0)

GEM
  remote: http://rubygems.org/
  specs:
    actionmailer (2.3.2)
      actionpack (= 2.3.2)
    actionpack (2.3.2)
      activesupport (= 2.3.2)
    activesupport (2.3.2)
    css_parser (1.1.5)
    nokogiri (1.4.4)
    rack (1.2.1)
    rspec (1.3.1)
    rspec-rails (1.3.3)
      rack (>= 1.0.0)
      rspec (= 1.3.1)

PLATFORMS
  ruby

DEPENDENCIES
  mail_style!
  rspec-rails (>= 1.2.6, < 2.0)
